GIT
  remote: https://github.com/opal/opal.git
  revision: d086c27af82bd00780feca5bffb5ff7b7f25d1ed
  specs:
    opal (0.7.0.beta3)
      hike (~> 1.2)
      sourcemap (~> 0.1.0)
      sprockets (>= 2.2.3, < 4.0.0)
      tilt (~> 1.4)

GEM
  remote: https://rubygems.org/
  specs:
    hike (1.2.3)
    multi_json (1.10.1)
    rack (1.5.2)
    sourcemap (0.1.1)
    sprockets (2.12.3)
      hike (~> 1.2)
      multi_json (~> 1.0)
      rack (~> 1.0)
      tilt (~> 1.1, != 1.3.0)
    tilt (1.4.1)

PLATFORMS
  ruby

DEPENDENCIES
  opal!
